GEM
  remote: https://rubygems.org/
  specs:
    dry-cli (0.7.0)

PLATFORMS
  ruby

DEPENDENCIES
  dry-cli (~> 0.7)

RUBY VERSION
   ruby 2.7.1p83

BUNDLED WITH
   2.1.4
