GEM
  remote: https://rubygems.org/
  specs:
    builder (3.2.4)
    dry-cli (0.7.0)

PLATFORMS
  ruby

DEPENDENCIES
  builder (~> 3.2, >= 3.2.2)
  dry-cli (~> 0.7)

RUBY VERSION
   ruby 2.7.1p83

BUNDLED WITH
   2.1.4
