GEM
  remote: https://rubygems.org/
  specs:
    dry-cli (0.7.0)
    pastel (0.8.0)
      tty-color (~> 0.5)
    tty-color (0.6.0)
    tty-cursor (0.7.1)
    tty-editor (0.5.1)
      tty-prompt (~> 0.19)
      tty-which (~> 0.4)
    tty-prompt (0.23.1)
      pastel (~> 0.8)
      tty-reader (~> 0.8)
    tty-reader (0.9.0)
      tty-cursor (~> 0.7)
      tty-screen (~> 0.8)
      wisper (~> 2.0)
    tty-screen (0.8.1)
    tty-which (0.5.0)
    wisper (2.0.1)

PLATFORMS
  ruby
  x86_64-darwin-20

DEPENDENCIES
  dry-cli (~> 0.7)
  tty-editor (~> 0.5.1)

RUBY VERSION
   ruby 2.7.4p191

BUNDLED WITH
   2.2.27
